GEM
  remote: https://rubygems.org/
  specs:
    CFPropertyList (3.0.1)
    byebug (11.0.1)
    coderay (1.1.2)
    exiftool (1.2.1)
      json
    exiftool_vendored (11.65.0)
      exiftool (>= 0.7.0)
    ffi (1.11.1)
    ffi-xattr (0.1.2)
      ffi
    json (2.3.1)
    method_source (0.9.2)
    pry (0.12.2)
      coderay (~> 1.1.0)
      method_source (~> 0.9.0)
    pry-byebug (3.7.0)
      byebug (~> 11.0)
      pry (~> 0.10)
    rugged (0.28.3.1)

PLATFORMS
  ruby

DEPENDENCIES
  CFPropertyList
  byebug
  exiftool_vendored
  ffi-xattr
  pry
  pry-byebug
  rugged

RUBY VERSION
   ruby 2.6.3p62

BUNDLED WITH
   1.17.2
